GEM
  remote: https://rubygems.org/
  specs:
    childprocess (0.6.3)
      ffi (~> 1.0, >= 1.0.11)
    diff-lcs (1.3)
    ffi (1.9.18)
    headless (2.3.1)
    rspec (3.5.0)
      rspec-core (~> 3.5.0)
      rspec-expectations (~> 3.5.0)
      rspec-mocks (~> 3.5.0)
    rspec-core (3.5.4)
      rspec-support (~> 3.5.0)
    rspec-expectations (3.5.0)
      diff-lcs (>= 1.2.0, < 2.0)
      rspec-support (~> 3.5.0)
    rspec-mocks (3.5.0)
      diff-lcs (>= 1.2.0, < 2.0)
      rspec-support (~> 3.5.0)
    rspec-support (3.5.0)
    rubyzip (1.2.1)
    selenium-webdriver (3.3.0)
      childprocess (~> 0.5)
      rubyzip (~> 1.0)
      websocket (~> 1.0)
    watir-webdriver (0.9.9)
      selenium-webdriver (>= 2.46.2)
    websocket (1.2.4)

PLATFORMS
  ruby

DEPENDENCIES
  headless
  rspec
  watir-webdriver

BUNDLED WITH
   1.13.7
